GEM
  remote: https://rubygems.org/
  specs:
    mysql2 (0.5.2-x64-mingw32)
    rack (2.0.5)
    rack-protection (2.0.3)
      rack
    sinatra (2.0.3)
      mustermann (~> 1.0)
      rack (~> 2.0)
      rack-protection (= 2.0.3)
      tilt (~> 2.0)
    tilt (2.0.8)

PLATFORMS
  x64-mingw32

DEPENDENCIES
  mysql2
  sinatra

RUBY VERSION
   ruby 2.4.1p111

BUNDLED WITH
   1.16.2
